GIT
  remote: git@github.com:Samemura/geoplanet.git
  revision: d57a1b09f32fdb0586cde058ee46cf0bda364c52
  specs:
    geoplanet (0.2.7)
      json (>= 1.1.3)
      rest-client (>= 0.9)

GEM
  remote: https://rubygems.org/
  specs:
    byebug (9.0.5)
    coderay (1.1.1)
    domain_name (0.5.20160615)
      unf (>= 0.0.5, < 1.0.0)
    http-cookie (1.0.2)
      domain_name (~> 0.5)
    json (2.0.1)
    method_source (0.8.2)
    mime-types (3.1)
      mime-types-data (~> 3.2015)
    mime-types-data (3.2016.0521)
    netrc (0.11.0)
    pry (0.10.3)
      coderay (~> 1.1.0)
      method_source (~> 0.8.1)
      slop (~> 3.4)
    pry-byebug (3.4.0)
      byebug (~> 9.0)
      pry (~> 0.10)
    rest-client (2.0.0)
      http-cookie (>= 1.0.2, < 2.0)
      mime-types (>= 1.16, < 4.0)
      netrc (~> 0.8)
    slop (3.6.0)
    unf (0.1.4)
      unf_ext
    unf_ext (0.0.7.2)

PLATFORMS
  ruby

DEPENDENCIES
  geoplanet!
  pry
  pry-byebug

BUNDLED WITH
   1.11.2
